PATH
  remote: .
  specs:
    rdf-rdfxml (0.3.9)
      rdf (>= 0.3.11)
      rdf-xsd (>= 0.3.8)

GEM
  remote: http://rubygems.org/
  specs:
    addressable (2.3.2)
    diff-lcs (1.1.3)
    equivalent-xml (0.3.0)
      nokogiri (>= 1.4.3)
    nokogiri (1.5.5)
    nokogiri (1.5.5-java)
    open-uri-cached (0.0.5)
    promise (0.3.0)
    rdf (0.3.11)
      addressable (>= 2.2.6)
    rdf-isomorphic (0.3.4)
      rdf (>= 0.2.3)
    rdf-n3 (0.3.7)
      rdf (>= 0.3.4)
    rdf-spec (0.3.11)
      rspec (>= 2.12.0)
    rdf-xsd (0.3.8)
      rdf (>= 0.3.4)
    rspec (2.12.0)
      rspec-core (~> 2.12.0)
      rspec-expectations (~> 2.12.0)
      rspec-mocks (~> 2.12.0)
    rspec-core (2.12.0)
    rspec-expectations (2.12.0)
      diff-lcs (~> 1.1.3)
    rspec-mocks (2.12.0)
    spira (0.0.12)
      promise (>= 0.3.0)
      rdf (>= 0.2.3)
      rdf-isomorphic (>= 0.3.0)
    wirble (0.1.3)
    yard (0.8.3)

PLATFORMS
  java
  ruby

DEPENDENCIES
  equivalent-xml (>= 0.2.8)
  nokogiri (>= 1.5.5)
  open-uri-cached (>= 0.0.4)
  rdf-isomorphic (>= 0.3.4)
  rdf-n3 (>= 0.3.7)
  rdf-rdfxml!
  rdf-spec (>= 0.3.11)
  rspec (>= 2.12.0)
  spira (>= 0.0.12)
  wirble
  yard (>= 0.8.3)
