PATH
  remote: .
  specs:
    rdf-rdfxml (0.3.5)
      rdf (>= 0.3.4)
      rdf-xsd (>= 0.3.5)

GEM
  remote: http://rubygems.org/
  specs:
    addressable (2.2.6)
    diff-lcs (1.1.3)
    nokogiri (1.5.0)
    open-uri-cached (0.0.4)
    promise (0.3.0)
    rdf (0.3.4.1)
      addressable (>= 2.2.6)
    rdf-isomorphic (0.3.4)
      rdf (>= 0.3.4)
    rdf-n3 (0.3.6)
      rdf (>= 0.3.4)
    rdf-spec (0.3.4)
      rspec (>= 2.6.0)
    rdf-xsd (0.3.5)
      nokogiri (>= 1.5.0)
      rdf (>= 0.3.4)
    rspec (2.7.0)
      rspec-core (~> 2.7.0)
      rspec-expectations (~> 2.7.0)
      rspec-mocks (~> 2.7.0)
    rspec-core (2.7.1)
    rspec-expectations (2.7.0)
      diff-lcs (~> 1.1.2)
    rspec-mocks (2.7.0)
    spira (0.0.12)
      promise (>= 0.3.0)
      rdf (>= 0.2.3)
      rdf-isomorphic (>= 0.3.0)
    wirble (0.1.3)
    yard (0.7.3)

PLATFORMS
  java
  ruby

DEPENDENCIES
  nokogiri (>= 1.5.0)
  open-uri-cached (>= 0.0.4)
  rdf-isomorphic (>= 0.3.4)
  rdf-n3 (>= 0.3.4)
  rdf-rdfxml!
  rdf-spec (>= 0.3.4)
  rspec (>= 2.5.0)
  spira (>= 0.0.12)
  wirble
  yard (>= 0.6.0)
