PATH
  remote: .
  specs:
    rdf-rdfxml (0.3.8)
      rdf (>= 0.3.4)
      rdf-xsd (>= 0.3.5)

GEM
  remote: http://rubygems.org/
  specs:
    addressable (2.2.8)
    diff-lcs (1.1.3)
    equivalent-xml (0.2.9)
      nokogiri (>= 1.4.3)
    nokogiri (1.5.2)
    nokogiri (1.5.2-java)
    open-uri-cached (0.0.5)
    promise (0.3.0)
    rdf (0.3.5.2)
      addressable (>= 2.2.6)
    rdf-isomorphic (0.3.4)
      rdf (>= 0.2.3)
    rdf-n3 (0.3.7)
      rdf (>= 0.3.4)
    rdf-spec (0.3.5.1)
      rspec (>= 2.8.0)
    rdf-xsd (0.3.6)
      nokogiri (>= 1.5.0)
      rdf (>= 0.3.4)
    rspec (2.10.0)
      rspec-core (~> 2.10.0)
      rspec-expectations (~> 2.10.0)
      rspec-mocks (~> 2.10.0)
    rspec-core (2.10.0)
    rspec-expectations (2.10.0)
      diff-lcs (~> 1.1.3)
    rspec-mocks (2.10.1)
    spira (0.0.12)
      promise (>= 0.3.0)
      rdf (>= 0.2.3)
      rdf-isomorphic (>= 0.3.0)
    wirble (0.1.3)
    yard (0.8.1)

PLATFORMS
  java
  ruby

DEPENDENCIES
  equivalent-xml (>= 0.2.8)
  nokogiri (>= 1.5.0)
  open-uri-cached (>= 0.0.4)
  rdf-isomorphic (>= 0.3.4)
  rdf-n3 (>= 0.3.4)
  rdf-rdfxml!
  rdf-spec (>= 0.3.4)
  rspec (>= 2.8.0)
  spira (>= 0.0.12)
  wirble
  yard (>= 0.6.0)
