GIT
  remote: git://github.com/ruby-rdf/rdf-spec.git
  revision: da95d11de45eb26da27657bcc3ca36ef69579ead
  specs:
    rdf-spec (1.0.4)
      rspec (>= 2.12)

GIT
  remote: git://github.com/ruby-rdf/rdf-xsd.git
  revision: 9cc42e4978d9db12281411c44e43d8ae483590c7
  specs:
    rdf-xsd (1.0.0)
      nokogiri (>= 1.5.0)
      rdf (>= 0.3.4)

GIT
  remote: git://github.com/ruby-rdf/rdf.git
  revision: f27f5d9734cc0950d1ef8e0236e23e3d956b62ec
  specs:
    rdf (1.0.5)
      addressable (>= 2.2)

PATH
  remote: .
  specs:
    rdf-rdfxml (1.0.0)
      rdf (>= 1.0)
      rdf-xsd (>= 1.0)

GEM
  remote: http://rubygems.org/
  specs:
    addressable (2.3.3)
    diff-lcs (1.2.2)
    ebnf (0.2.3)
      rdf
      sxp
    equivalent-xml (0.3.0)
      nokogiri (>= 1.4.3)
    json (1.7.7)
    nokogiri (1.5.9)
    open-uri-cached (0.0.5)
    promise (0.3.0)
    rake (10.0.4)
    rdf-isomorphic (1.0.0)
      rdf (>= 1.0)
    rdf-n3 (1.0.0)
      rdf (>= 1.0)
    rdf-turtle (1.0.3)
      ebnf (>= 0.2.1)
      rdf (>= 1.0)
    rspec (2.13.0)
      rspec-core (~> 2.13.0)
      rspec-expectations (~> 2.13.0)
      rspec-mocks (~> 2.13.0)
    rspec-core (2.13.1)
    rspec-expectations (2.13.0)
      diff-lcs (>= 1.1.3, < 2.0)
    rspec-mocks (2.13.0)
    spira (0.0.12)
      promise (>= 0.3.0)
      rdf (>= 0.2.3)
      rdf-isomorphic (>= 0.3.0)
    sxp (0.1.2)
      json (>= 1.1.1)
    wirble (0.1.3)
    yard (0.8.5.2)

PLATFORMS
  ruby

DEPENDENCIES
  equivalent-xml (>= 0.2.8)
  nokogiri (>= 1.5.5)
  open-uri-cached (>= 0.0.5)
  rake
  rdf!
  rdf-isomorphic
  rdf-n3
  rdf-rdfxml!
  rdf-spec!
  rdf-turtle
  rdf-xsd!
  rspec (>= 2.12.0)
  spira (= 0.0.12)
  wirble
  yard (>= 0.8.3)
